PATH
  remote: .
  specs:
    meal_plan (0.1.0)
      nokogiri

GEM
  remote: https://rubygems.org/
  specs:
    coderay (1.1.2)
    method_source (1.0.0)
    mini_portile2 (2.4.0)
    nokogiri (>= 1.12.5)
      mini_portile2 (~> 2.4.0)
    pry (0.13.1)
      coderay (~> 1.1)
      method_source (~> 1.0)
    rake (>= 12.3.3)

PLATFORMS
  ruby

DEPENDENCIES
  bundler (~> 2.0)
  meal_plan!
  pry
  rake (~> 10.0)

BUNDLED WITH
   2.0.1
